PATH
  remote: .
  specs:
    redis_assist (0.4.4)
      inflections (~> 3.2.12.20130314)
      redis (~> 3.0.3)

GEM
  remote: https://rubygems.org/
  specs:
    activesupport (3.2.13)
      i18n (= 0.6.1)
      multi_json (~> 1.0)
    diff-lcs (1.1.3)
    i18n (0.6.1)
    inflections (3.2.12.20130314)
      activesupport (~> 3.2.0)
    multi_json (1.7.3)
    rake (0.9.6)
    redis (3.0.4)
    rspec (2.12.0)
      rspec-core (~> 2.12.0)
      rspec-expectations (~> 2.12.0)
      rspec-mocks (~> 2.12.0)
    rspec-core (2.12.2)
    rspec-expectations (2.12.1)
      diff-lcs (~> 1.1.3)
    rspec-mocks (2.12.1)
    yard (0.8.6.1)

PLATFORMS
  ruby

DEPENDENCIES
  bundler (~> 1.0)
  rake (~> 0.9)
  redis_assist!
  rspec (~> 2.3)
  yard (~> 0.8.6.1)
