PATH
  remote: .
  specs:
    redis_assist (0.7.4)
      redis (~> 3.0.4)

GEM
  remote: https://rubygems.org/
  specs:
    coderay (1.0.9)
    diff-lcs (1.2.4)
    method_source (0.8.2)
    pry (0.9.12.2)
      coderay (~> 1.0.5)
      method_source (~> 0.8)
      slop (~> 3.4)
    rake (10.1.0)
    redis (3.0.4)
    rspec (2.14.1)
      rspec-core (~> 2.14.0)
      rspec-expectations (~> 2.14.0)
      rspec-mocks (~> 2.14.0)
    rspec-core (2.14.5)
    rspec-expectations (2.14.3)
      diff-lcs (>= 1.1.3, < 2.0)
    rspec-mocks (2.14.3)
    slop (3.4.6)
    yard (0.8.6.2)

PLATFORMS
  ruby

DEPENDENCIES
  bundler (~> 1.3.5)
  pry
  rake (~> 10.1.0)
  redis_assist!
  rspec (~> 2.3)
  yard (~> 0.8.6.1)
